GIT
  remote: git://github.com/sinatra/sinatra.git
  revision: b4aaf1c43aa87936846a863a51beac6fe27892f6
  specs:
    rack-protection (2.0.0)
      rack
    sinatra (2.0.0)
      mustermann (~> 1.0)
      rack (~> 2.0)
      rack-protection (= 2.0.0)
      tilt (~> 2.0)
    sinatra-contrib (2.0.0)
      backports (>= 2.0)
      multi_json
      mustermann (~> 1.0)
      rack-protection (= 2.0.0)
      sinatra (= 2.0.0)
      tilt (>= 1.3, < 3)

GIT
  remote: git@github.com:finn-francis/get_address.git
  revision: 5dd59ff10fb98f2ffc70bddd5730ee20242d64fe
  specs:
    get_address (0.1.0)
      httparty

GEM
  remote: https://rubygems.org/
  specs:
    backports (3.10.3)
    byebug (9.1.0)
    coderay (1.1.2)
    dotenv (2.2.1)
    httparty (0.15.6)
      multi_xml (>= 0.5.2)
    method_source (0.9.0)
    multi_json (1.12.2)
    multi_xml (0.6.0)
    mustermann (1.0.1)
    pry (0.11.3)
      coderay (~> 1.1.0)
      method_source (~> 0.9.0)
    pry-byebug (3.5.1)
      byebug (~> 9.1)
      pry (~> 0.10)
    rack (2.0.3)
    tilt (2.0.8)

PLATFORMS
  ruby

DEPENDENCIES
  dotenv
  get_address!
  pry-byebug
  sinatra!
  sinatra-contrib

BUNDLED WITH
   1.16.0.pre.3
